PATH
  remote: .
  specs:
    circlecistats (0.0.1)
      circleci

GEM
  remote: https://rubygems.org/
  specs:
    circleci (0.1.0)
      rest-client (~> 1.6)
    mime-types (2.4.3)
    netrc (0.10.2)
    rest-client (1.7.2)
      mime-types (>= 1.16, < 3.0)
      netrc (~> 0.7)

PLATFORMS
  ruby

DEPENDENCIES
  circlecistats!
